PATH
  remote: .
  specs:
    ETL (1.1.1)
      activesupport (>= 3.2.3)

GEM
  remote: https://rubygems.org/
  specs:
    activesupport (3.2.13)
      i18n (= 0.6.1)
      multi_json (~> 1.0)
    cane (2.5.0)
      parallel
    diff-lcs (1.1.3)
    i18n (0.6.1)
    multi_json (1.7.3)
    mysql2 (0.3.11)
    parallel (0.6.1)
    rake (10.0.3)
    rspec (2.12.0)
      rspec-core (~> 2.12.0)
      rspec-expectations (~> 2.12.0)
      rspec-mocks (~> 2.12.0)
    rspec-core (2.12.2)
    rspec-expectations (2.12.1)
      diff-lcs (~> 1.1.3)
    rspec-mocks (2.12.0)

PLATFORMS
  ruby

DEPENDENCIES
  ETL!
  cane
  mysql2
  rake
  rspec (>= 2)
