PATH
  remote: .
  specs:
    ETL (1.1.1)
      activesupport (>= 3.2.3)

GEM
  remote: https://rubygems.org/
  specs:
    activesupport (3.2.13)
      i18n (= 0.6.1)
      multi_json (~> 1.0)
    cane (2.5.0)
      parallel
    diff-lcs (1.2.5)
    i18n (0.6.1)
    multi_json (1.7.3)
    mysql2 (0.3.17)
    parallel (0.6.1)
    rake (13.0.1)
    rspec (2.14.1)
      rspec-core (~> 2.14.0)
      rspec-expectations (~> 2.14.0)
      rspec-mocks (~> 2.14.0)
    rspec-core (2.14.8)
    rspec-expectations (2.14.5)
      diff-lcs (>= 1.1.3, < 2.0)
    rspec-mocks (2.14.6)

PLATFORMS
  ruby

DEPENDENCIES
  ETL!
  cane
  mysql2 (~> 0.3.17)
  rake
  rspec (>= 2.14.0)
